GEM
  remote: http://rubygems.org/
  specs:
    POpen4 (0.1.4)
      Platform (>= 0.4.0)
      open4
    Platform (0.4.0)
    actionmailer (2.3.5)
      actionpack (= 2.3.5)
    actionpack (2.3.5)
      activesupport (= 2.3.5)
      rack (~> 1.0.0)
    activerecord (2.3.5)
      activesupport (= 2.3.5)
    activeresource (2.3.5)
      activesupport (= 2.3.5)
    activesupport (2.3.5)
    aws-s3 (0.6.3)
      builder
      mime-types
      xml-simple
    builder (3.1.4)
    closure-compiler (1.0.0)
    columnize (0.3.6)
    daemons (1.1.9)
    disguise (2.0.0)
    eventmachine (1.0.0)
    hpricot (0.8.3)
    i18n (0.6.0)
    jammit (0.6.5)
      yui-compressor (>= 0.9.3)
    json (1.5.1)
    linecache (0.46)
      rbx-require-relative (> 0.0.4)
    mail (2.4.4)
      i18n (>= 0.4.0)
      mime-types (~> 1.16)
      treetop (~> 1.4.8)
    mime-types (1.19)
    open4 (1.3.0)
    pg (0.14.1)
    polyglot (0.3.3)
    rack (1.0.1)
    rails (2.3.5)
      actionmailer (= 2.3.5)
      actionpack (= 2.3.5)
      activerecord (= 2.3.5)
      activeresource (= 2.3.5)
      activesupport (= 2.3.5)
      rake (>= 0.8.3)
    rake (10.0.3)
    rbx-require-relative (0.0.9)
    rmagick (2.13.1)
    ruby-debug (0.10.4)
      columnize (>= 0.1)
      ruby-debug-base (~> 0.10.4.0)
    ruby-debug-base (0.10.4)
      linecache (>= 0.3)
    ruby-openid (2.2.2)
    thin (1.5.0)
      daemons (>= 1.0.9)
      eventmachine (>= 0.12.6)
      rack (>= 1.0.0)
    treetop (1.4.10)
      polyglot
      polyglot (>= 0.3.1)
    xml-simple (1.1.2)
    yui-compressor (0.9.6)
      POpen4 (>= 0.1.4)

PLATFORMS
  ruby

DEPENDENCIES
  aws-s3
  closure-compiler (= 1.0.0)
  columnize (= 0.3.6)
  disguise (= 2.0.0)
  hpricot (= 0.8.3)
  i18n (= 0.6.0)
  jammit
  json (= 1.5.1)
  linecache
  mail (= 2.4.4)
  pg
  polyglot
  rails (= 2.3.5)
  rbx-require-relative (= 0.0.9)
  rmagick (= 2.13.1)
  ruby-debug (= 0.10.4)
  ruby-debug-base (= 0.10.4)
  ruby-openid
  thin
  treetop (= 1.4.10)
